PATH
  remote: .
  specs:
    maglove (0.6.7)
      activesupport (~> 4.2)
      bundler (~> 1.10)
      coffee-script (~> 2.4)
      commander (~> 4.3)
      dotenv (~> 2.0)
      filewatcher (~> 0.5)
      haml (~> 4.0)
      hamloft (~> 0.1.7)
      image_optim (~> 0.21)
      image_optim_pack (~> 0.2)
      less (~> 2.6)
      logging (~> 2.0)
      minitar (~> 0.5)
      rubyzip (~> 1.1)
      therubyracer (~> 0.12)
      tilt (~> 1.4)
      webrick (~> 1.3)

GEM
  remote: https://rubygems.org/
  specs:
    activesupport (4.2.6)
      i18n (~> 0.7)
      json (~> 1.7, >= 1.7.7)
      minitest (~> 5.1)
      thread_safe (~> 0.3, >= 0.3.4)
      tzinfo (~> 1.1)
    ast (2.1.0)
    astrolabe (1.3.1)
      parser (~> 2.2)
    coderay (1.1.0)
    coffee-script (2.4.1)
      coffee-script-source
      execjs
    coffee-script-source (1.10.0)
    commander (4.4.0)
      highline (~> 1.7.2)
    commonjs (0.2.7)
    diff-lcs (1.2.5)
    dotenv (2.1.1)
    execjs (2.7.0)
    exifr (1.2.4)
    filewatcher (0.5.3)
      trollop (~> 2.0)
    fspath (2.1.1)
    haml (4.0.7)
      tilt
    hamloft (0.1.8)
      haml (~> 4.0)
      nokogiri (~> 1.6)
    highline (1.7.8)
    i18n (0.7.0)
    image_optim (0.22.1)
      exifr (~> 1.2, >= 1.2.2)
      fspath (~> 2.1)
      image_size (~> 1.3)
      in_threads (~> 1.3)
      progress (~> 3.0, >= 3.0.1)
    image_optim_pack (0.2.1.20160510)
      fspath (~> 2.1)
      image_optim (~> 0.19)
    image_size (1.4.2)
    in_threads (1.3.1)
    json (1.8.3)
    less (2.6.0)
      commonjs (~> 0.2.7)
    libv8 (3.16.14.15)
    little-plugger (1.1.4)
    logging (2.1.0)
      little-plugger (~> 1.1)
      multi_json (~> 1.10)
    method_source (0.8.2)
    mini_portile2 (2.1.0)
    minitar (0.5.4)
    minitest (5.9.0)
    multi_json (1.12.1)
    nokogiri (1.6.8)
      mini_portile2 (~> 2.1.0)
      pkg-config (~> 1.1.7)
    parser (2.2.2.6)
      ast (>= 1.1, < 3.0)
    pkg-config (1.1.7)
    powerpack (0.1.1)
    progress (3.1.1)
    pry (0.10.3)
      coderay (~> 1.1.0)
      method_source (~> 0.8.1)
      slop (~> 3.4)
    rainbow (2.0.0)
    ref (2.0.0)
    rspec (3.3.0)
      rspec-core (~> 3.3.0)
      rspec-expectations (~> 3.3.0)
      rspec-mocks (~> 3.3.0)
    rspec-core (3.3.2)
      rspec-support (~> 3.3.0)
    rspec-expectations (3.3.1)
      diff-lcs (>= 1.2.0, < 2.0)
      rspec-support (~> 3.3.0)
    rspec-mocks (3.3.2)
      diff-lcs (>= 1.2.0, < 2.0)
      rspec-support (~> 3.3.0)
    rspec-support (3.3.0)
    rubocop (0.33.0)
      astrolabe (~> 1.3)
      parser (>= 2.2.2.5, < 3.0)
      powerpack (~> 0.1)
      rainbow (>= 1.99.1, < 3.0)
      ruby-progressbar (~> 1.4)
    ruby-progressbar (1.7.5)
    rubyzip (1.2.0)
    slop (3.6.0)
    therubyracer (0.12.2)
      libv8 (~> 3.16.14.0)
      ref
    thread_safe (0.3.5)
    tilt (1.4.1)
    trollop (2.1.2)
    tzinfo (1.2.2)
      thread_safe (~> 0.1)
    webrick (1.3.1)

PLATFORMS
  ruby

DEPENDENCIES
  maglove!
  pry (~> 0.10)
  rspec (~> 3.3)
  rubocop (~> 0.32)

BUNDLED WITH
   1.12.4
