GIT
  remote: git@bitbucket.org:magloft/hamlet.git
  revision: 9a1aefacf1a9fa983d9a01dcf2934bdf15dec81f
  specs:
    hamlet (0.1.0)
      activesupport (= 4.2.3)
      bundler (= 1.10.5)
      haml (= 4.0.6)
      nokogiri (= 1.6.3.1)

PATH
  remote: .
  specs:
    maglove (0.1.0)
      activesupport (= 4.2.3)
      bundler (= 1.10.5)
      coffee-script (= 2.4.1)
      commander (= 4.3.4)
      dotenv (= 2.0.2)
      filewatcher (= 0.5.1)
      haml (= 4.0.6)
      less (= 2.6.0)
      logging (= 2.0.0)
      minitar (= 0.5.4)
      rubyzip (= 1.1.7)
      therubyracer (= 0.12.2)
      tilt (= 1.4.1)
      webrick (= 1.3.1)

GEM
  remote: https://rubygems.org/
  specs:
    activesupport (4.2.3)
      i18n (~> 0.7)
      json (~> 1.7, >= 1.7.7)
      minitest (~> 5.1)
      thread_safe (~> 0.3, >= 0.3.4)
      tzinfo (~> 1.1)
    ast (2.0.0)
    astrolabe (1.3.1)
      parser (~> 2.2)
    coderay (1.1.0)
    coffee-script (2.4.1)
      coffee-script-source
      execjs
    coffee-script-source (1.9.1.1)
    commander (4.3.4)
      highline (~> 1.7.2)
    commonjs (0.2.7)
    diff-lcs (1.2.5)
    dotenv (2.0.2)
    execjs (2.5.2)
    filewatcher (0.5.1)
      trollop (~> 2.0)
    haml (4.0.6)
      tilt
    highline (1.7.2)
    i18n (0.7.0)
    json (1.8.3)
    less (2.6.0)
      commonjs (~> 0.2.7)
    libv8 (3.16.14.11)
    little-plugger (1.1.3)
    logging (2.0.0)
      little-plugger (~> 1.1)
      multi_json (~> 1.10)
    method_source (0.8.2)
    mini_portile (0.6.0)
    minitar (0.5.4)
    minitest (5.7.0)
    multi_json (1.11.2)
    nokogiri (1.6.3.1)
      mini_portile (= 0.6.0)
    parser (2.2.2.6)
      ast (>= 1.1, < 3.0)
    powerpack (0.1.1)
    pry (0.10.1)
      coderay (~> 1.1.0)
      method_source (~> 0.8.1)
      slop (~> 3.4)
    rainbow (2.0.0)
    ref (2.0.0)
    rspec (3.3.0)
      rspec-core (~> 3.3.0)
      rspec-expectations (~> 3.3.0)
      rspec-mocks (~> 3.3.0)
    rspec-core (3.3.2)
      rspec-support (~> 3.3.0)
    rspec-expectations (3.3.1)
      diff-lcs (>= 1.2.0, < 2.0)
      rspec-support (~> 3.3.0)
    rspec-mocks (3.3.2)
      diff-lcs (>= 1.2.0, < 2.0)
      rspec-support (~> 3.3.0)
    rspec-support (3.3.0)
    rubocop (0.32.1)
      astrolabe (~> 1.3)
      parser (>= 2.2.2.5, < 3.0)
      powerpack (~> 0.1)
      rainbow (>= 1.99.1, < 3.0)
      ruby-progressbar (~> 1.4)
    ruby-progressbar (1.7.5)
    rubyzip (1.1.7)
    slop (3.6.0)
    therubyracer (0.12.2)
      libv8 (~> 3.16.14.0)
      ref
    thread_safe (0.3.5)
    tilt (1.4.1)
    trollop (2.1.2)
    tzinfo (1.2.2)
      thread_safe (~> 0.1)
    webrick (1.3.1)

PLATFORMS
  ruby

DEPENDENCIES
  hamlet!
  maglove!
  pry (= 0.10.1)
  rspec (= 3.3.0)
  rubocop (= 0.32.1)

BUNDLED WITH
   1.10.5
